GEM
  remote: https://rubygems.org/
  specs:
    stackprof (0.2.17)

PLATFORMS
  x86_64-darwin-20

DEPENDENCIES
  stackprof (~> 0.2.17)

BUNDLED WITH
   2.2.3
